PATH
  remote: .
  specs:
    orca (0.4.1)
      colored
      net-sftp
      net-ssh
      thor
      tilt

GEM
  remote: https://rubygems.org/
  specs:
    colored (1.2)
    metaclass (0.0.1)
    minitest (4.7.5)
    mocha (0.13.1)
      metaclass (~> 0.0.1)
    net-sftp (2.1.2)
      net-ssh (>= 2.6.5)
    net-ssh (5.2.0)
    rake (12.3.3)
    thor (1.0.1)
    tilt (2.0.10)

PLATFORMS
  ruby

DEPENDENCIES
  minitest
  mocha
  orca!
  rake
